GEM
  remote: http://rubygems.org/
  specs:
    daemons (1.1.9)
    dalli (2.7.0)
    json (1.8.1)
    newrelic_plugin (1.3.1)
      json

PLATFORMS
  ruby

DEPENDENCIES
  daemons
  dalli
  newrelic_plugin
